PATH
  remote: .
  specs:
    pluckers (1.1.0)
      activerecord (> 3.2, < 5.2)

GEM
  remote: https://rubygems.org/
  specs:
    activemodel (4.2.7)
      activesupport (= 4.2.7)
      builder (~> 3.1)
    activerecord (4.2.7)
      activemodel (= 4.2.7)
      activesupport (= 4.2.7)
      arel (~> 6.0)
    activesupport (4.2.7)
      i18n (~> 0.7)
      json (~> 1.7, >= 1.7.7)
      minitest (~> 5.1)
      thread_safe (~> 0.3, >= 0.3.4)
      tzinfo (~> 1.1)
    appraisal (2.1.0)
      bundler
      rake
      thor (>= 0.14.0)
    arel (6.0.3)
    benchmark-ips (2.2.0)
    builder (3.2.2)
    byebug (9.0.5)
    globalize (5.0.1)
      activemodel (>= 4.2.0, < 4.3)
      activerecord (>= 4.2.0, < 4.3)
    i18n (0.7.0)
    json (1.8.3)
    minitest (5.9.0)
    rake (10.5.0)
    ruby-prof (0.16.2)
    sqlite3 (1.3.11)
    thor (0.19.1)
    thread_safe (0.3.5)
    tzinfo (1.2.2)
      thread_safe (~> 0.1)

PLATFORMS
  ruby

DEPENDENCIES
  appraisal (~> 2.1.0)
  benchmark-ips (~> 2.2.0)
  byebug
  globalize
  minitest
  pluckers!
  rake (~> 10.0)
  ruby-prof
  sqlite3

BUNDLED WITH
   1.13.6
